PATH
  remote: .
  specs:
    simple_slugs (0.0.7)
      activesupport
      i18n

GEM
  remote: http://rubygems.org/
  specs:
    activemodel (3.0.0)
      activesupport (= 3.0.0)
      builder (~> 2.1.2)
      i18n (~> 0.4.1)
    activerecord (3.0.0)
      activemodel (= 3.0.0)
      activesupport (= 3.0.0)
      arel (~> 1.0.0)
      tzinfo (~> 0.3.23)
    activesupport (3.0.0)
    arel (1.0.1)
      activesupport (~> 3.0.0)
    builder (2.1.2)
    database_cleaner (0.5.2)
    globalize3 (0.0.7)
      activerecord (>= 3.0.0.rc)
    i18n (0.4.1)
    sqlite3-ruby (1.3.1)
    test_declarative (0.0.4)
    tzinfo (0.3.23)

PLATFORMS
  ruby

DEPENDENCIES
  activerecord
  activesupport
  database_cleaner
  globalize3
  i18n
  simple_slugs!
  sqlite3-ruby
  test_declarative
