PATH
  remote: .
  specs:
    simple_slugs (0.0.7)
      activerecord (~> 3.0.3)
      i18n

GEM
  remote: http://rubygems.org/
  specs:
    activemodel (3.0.3)
      activesupport (= 3.0.3)
      builder (~> 2.1.2)
      i18n (~> 0.4)
    activerecord (3.0.3)
      activemodel (= 3.0.3)
      activesupport (= 3.0.3)
      arel (~> 2.0.2)
      tzinfo (~> 0.3.23)
    activesupport (3.0.3)
    arel (2.0.4)
    builder (2.1.2)
    database_cleaner (0.5.2)
    globalize3 (0.0.9)
      activemodel (>= 3.0.0)
      activerecord (>= 3.0.0)
    i18n (0.4.2)
    sqlite3-ruby (1.3.2)
    test_declarative (0.0.4)
    tzinfo (0.3.23)

PLATFORMS
  ruby

DEPENDENCIES
  activerecord (~> 3.0.3)
  database_cleaner (= 0.5.2)
  globalize3
  i18n
  simple_slugs!
  sqlite3-ruby
  test_declarative

METADATA
  version: 1.0.6
